GEM
  remote: https://rubygems.org/
  specs:
    mini_portile2 (2.4.0)
    nokogiri (1.10.10)
      mini_portile2 (~> 2.4.0)
    pdf-core (0.8.1)
    prawn (2.3.0)
      pdf-core (~> 0.8.1)
      ttfunk (~> 1.6)
    rubyXL (3.4.15)
      nokogiri (>= 1.10.8)
      rubyzip (>= 1.3.0)
    rubyzip (2.3.0)
    ttfunk (1.6.2.1)

PLATFORMS
  ruby

DEPENDENCIES
  prawn
  rubyXL

RUBY VERSION
   ruby 2.6.6p146

BUNDLED WITH
   1.17.3
